GEM
  remote: https://rubygems.org/
  specs:
    actionmailer (3.2.13)
      actionpack (= 3.2.13)
      mail (~> 2.5.3)
    actionpack (3.2.13)
      activemodel (= 3.2.13)
      activesupport (= 3.2.13)
      builder (~> 3.0.0)
      erubis (~> 2.7.0)
      journey (~> 1.0.4)
      rack (~> 1.4.5)
      rack-cache (~> 1.2)
      rack-test (~> 0.6.1)
      sprockets (~> 2.2.1)
    activemodel (3.2.13)
      activesupport (= 3.2.13)
      builder (~> 3.0.0)
    activerecord (3.2.13)
      activemodel (= 3.2.13)
      activesupport (= 3.2.13)
      arel (~> 3.0.2)
      tzinfo (~> 0.3.29)
    activeresource (3.2.13)
      activemodel (= 3.2.13)
      activesupport (= 3.2.13)
    activesupport (3.2.13)
      i18n (= 0.6.1)
      multi_json (~> 1.0)
    addressable (2.3.3)
    arel (3.0.2)
    bcrypt-ruby (3.0.1)
    bluecloth (2.2.0)
    bootstrap-sass (2.3.1.0)
      sass (~> 3.2)
    bourne (1.4.0)
      mocha (~> 0.13.2)
    brakeman (1.9.4)
      erubis (~> 2.6)
      fastercsv (~> 1.5)
      haml (>= 3.0, < 5.0)
      highline (~> 1.6)
      multi_json (~> 1.2)
      ruby2ruby (~> 2.0)
      ruby_parser (~> 3.1.1)
      sass (~> 3.0)
      slim (~> 1.3.6)
      terminal-table (~> 1.4)
    breadcrumbs_on_rails (2.3.0)
    builder (3.0.4)
    capistrano (2.14.2)
      highline
      net-scp (>= 1.0.0)
      net-sftp (>= 2.0.0)
      net-ssh (>= 2.0.14)
      net-ssh-gateway (>= 1.1.0)
    capybara (2.0.3)
      mime-types (>= 1.16)
      nokogiri (>= 1.3.3)
      rack (>= 1.0.0)
      rack-test (>= 0.5.4)
      selenium-webdriver (~> 2.0)
      xpath (~> 1.0.0)
    carrierwave (0.8.0)
      activemodel (>= 3.2.0)
      activesupport (>= 3.2.0)
    childprocess (0.3.9)
      ffi (~> 1.0, >= 1.0.11)
    chunky_png (1.2.7)
    coffee-rails (3.2.2)
      coffee-script (>= 2.2.0)
      railties (~> 3.2.0)
    coffee-script (2.2.0)
      coffee-script-source
      execjs
    coffee-script-source (1.6.2)
    compass (0.12.2)
      chunky_png (~> 1.2)
      fssm (>= 0.2.7)
      sass (~> 3.1)
    compass-rails (1.0.3)
      compass (>= 0.12.2, < 0.14)
    cucumber (1.2.3)
      builder (>= 2.1.2)
      diff-lcs (>= 1.1.3)
      gherkin (~> 2.11.6)
      multi_json (~> 1.3)
    cucumber-rails (1.3.1)
      capybara (>= 1.1.2)
      cucumber (>= 1.2.0)
      nokogiri (>= 1.5.0)
      rails (~> 3.0)
    daemons (1.1.9)
    database_cleaner (0.9.1)
    devise (2.2.3)
      bcrypt-ruby (~> 3.0)
      orm_adapter (~> 0.1)
      railties (~> 3.1)
      warden (~> 1.2.1)
    devise-i18n (0.6.5)
    diff-lcs (1.2.1)
    email_spec (1.4.0)
      launchy (~> 2.1)
      mail (~> 2.2)
    erubis (2.7.0)
    eventmachine (1.0.3)
    execjs (1.4.0)
      multi_json (~> 1.0)
    factory_girl (4.2.0)
      activesupport (>= 3.0.0)
    factory_girl_rails (4.2.1)
      factory_girl (~> 4.2.0)
      railties (>= 3.0.0)
    fastercsv (1.5.5)
    ffi (1.6.0)
    friendly_id (4.0.9)
    fssm (0.2.10)
    gherkin (2.11.6)
      json (>= 1.7.6)
    haml (4.0.1)
      tilt
    haml-rails (0.4)
      actionpack (>= 3.1, < 4.1)
      activesupport (>= 3.1, < 4.1)
      haml (>= 3.1, < 4.1)
      railties (>= 3.1, < 4.1)
    has_scope (0.5.1)
    highline (1.6.16)
    hike (1.2.1)
    i18n (0.6.1)
    journey (1.0.4)
    jquery-fileupload-rails (0.4.1)
      actionpack (>= 3.1)
      railties (>= 3.1)
    jquery-rails (2.2.1)
      railties (>= 3.0, < 5.0)
      thor (>= 0.14, < 2.0)
    json (1.7.7)
    kaminari (0.14.1)
      actionpack (>= 3.0.0)
      activesupport (>= 3.0.0)
    launchy (2.2.0)
      addressable (~> 2.3)
    libv8 (3.11.8.17)
    mail (2.5.3)
      i18n (>= 0.4.0)
      mime-types (~> 1.16)
      treetop (~> 1.4.8)
    markitup-rails (1.1.0)
      rails (>= 3.1)
    metaclass (0.0.1)
    mime-types (1.21)
    mini_magick (3.5.0)
      subexec (~> 0.2.1)
    mocha (0.13.3)
      metaclass (~> 0.0.1)
    money (5.1.1)
      i18n (~> 0.6.0)
    money-rails (0.7.1)
      activesupport (~> 3.0)
      money (~> 5.1.0)
      railties (~> 3.0)
    multi_json (1.7.2)
    net-scp (1.1.0)
      net-ssh (>= 2.6.5)
    net-sftp (2.1.1)
      net-ssh (>= 2.6.5)
    net-ssh (2.6.6)
    net-ssh-gateway (1.2.0)
      net-ssh (>= 2.6.5)
    nokogiri (1.5.9)
    orm_adapter (0.4.0)
    polyglot (0.3.3)
    rack (1.4.5)
    rack-cache (1.2)
      rack (>= 0.4)
    rack-ssl (1.3.3)
      rack
    rack-test (0.6.2)
      rack (>= 1.0)
    rails (3.2.13)
      actionmailer (= 3.2.13)
      actionpack (= 3.2.13)
      activerecord (= 3.2.13)
      activeresource (= 3.2.13)
      activesupport (= 3.2.13)
      bundler (~> 1.0)
      railties (= 3.2.13)
    rails3-generators (1.0.0)
      railties (>= 3.0.0)
    rails3_before_render (0.2.0)
    railties (3.2.13)
      actionpack (= 3.2.13)
      activesupport (= 3.2.13)
      rack-ssl (~> 1.3.2)
      rake (>= 0.8.7)
      rdoc (~> 3.4)
      thor (>= 0.14.6, < 2.0)
    rake (10.0.4)
    randumb (0.3.1)
      activerecord (>= 3.0.0)
      activesupport (>= 3.0.0)
      rake
    rdoc (3.12.2)
      json (~> 1.4)
    ref (1.0.4)
    rspec-core (2.13.1)
    rspec-expectations (2.13.0)
      diff-lcs (>= 1.1.3, < 2.0)
    rspec-mocks (2.13.0)
    rspec-rails (2.13.0)
      actionpack (>= 3.0)
      activesupport (>= 3.0)
      railties (>= 3.0)
      rspec-core (~> 2.13.0)
      rspec-expectations (~> 2.13.0)
      rspec-mocks (~> 2.13.0)
    ruby2ruby (2.0.3)
      ruby_parser (~> 3.1)
      sexp_processor (~> 4.0)
    ruby_parser (3.1.2)
      sexp_processor (~> 4.1)
    rubyzip (0.9.9)
    russian (0.6.0)
      i18n (>= 0.5.0)
    rvm-capistrano (1.2.7)
      capistrano (>= 2.0.0)
    sass (3.2.7)
    sass-rails (3.2.6)
      railties (~> 3.2.0)
      sass (>= 3.1.10)
      tilt (~> 1.3)
    selenium-webdriver (2.31.0)
      childprocess (>= 0.2.5)
      multi_json (~> 1.0)
      rubyzip
      websocket (~> 1.0.4)
    settingslogic (2.0.9)
    sexp_processor (4.2.0)
    shoulda-matchers (1.5.4)
      activesupport (>= 3.0.0)
      bourne (~> 1.3)
    simple_form (2.1.0)
      actionpack (~> 3.0)
      activemodel (~> 3.0)
    slim (1.3.6)
      temple (~> 0.5.5)
      tilt (~> 1.3.3)
    sprockets (2.2.2)
      hike (~> 1.2)
      multi_json (~> 1.0)
      rack (~> 1.0)
      tilt (~> 1.1, != 1.3.0)
    sqlite3 (1.3.7)
    state_machine (1.1.2)
    subexec (0.2.2)
    temple (0.5.5)
    terminal-table (1.4.5)
    therubyracer (0.11.4)
      libv8 (~> 3.11.8.12)
      ref
    thin (1.5.1)
      daemons (>= 1.0.9)
      eventmachine (>= 0.12.6)
      rack (>= 1.0.0)
    thor (0.18.0)
    tilt (1.3.6)
    treetop (1.4.12)
      polyglot
      polyglot (>= 0.3.1)
    turbo-sprockets-rails3 (0.3.6)
      railties (> 3.2.8, < 4.0.0)
      sprockets (>= 2.0.0)
    tzinfo (0.3.37)
    uglifier (1.3.0)
      execjs (>= 0.3.0)
      multi_json (~> 1.0, >= 1.0.2)
    warden (1.2.1)
      rack (>= 1.0)
    websocket (1.0.7)
    wiselinks (0.5.5)
    xpath (1.0.0)
      nokogiri (~> 1.3)

PLATFORMS
  ruby

DEPENDENCIES
  bluecloth
  bootstrap-sass
  brakeman
  breadcrumbs_on_rails
  capistrano
  capybara
  carrierwave
  coffee-rails (~> 3.2.2)
  compass-rails
  cucumber-rails
  database_cleaner
  devise
  devise-i18n
  email_spec
  execjs
  factory_girl_rails
  friendly_id
  haml
  haml-rails
  has_scope
  jquery-fileupload-rails
  jquery-rails
  kaminari
  markitup-rails
  mini_magick
  money-rails (= 0.7.1)
  rails (= 3.2.13)
  rails3-generators
  rails3_before_render
  randumb
  rspec-rails
  russian
  rvm-capistrano
  sass
  sass-rails (~> 3.2.6)
  settingslogic
  shoulda-matchers
  simple_form
  sqlite3
  state_machine
  therubyracer
  thin
  turbo-sprockets-rails3
  uglifier (>= 1.0.3)
  wiselinks
